GEM
  remote: https://rubygems.org/
  specs:
    activesupport (7.2.2)
      base64
      benchmark (>= 0.3)
      bigdecimal
      concurrent-ruby (~> 1.0, >= 1.3.1)
      connection_pool (>= 2.2.5)
      drb
      i18n (>= 1.6, < 2)
      logger (>= 1.4.2)
      minitest (>= 5.1)
      securerandom (>= 0.3)
      tzinfo (~> 2.0, >= 2.0.5)
    addressable (2.8.7)
      public_suffix (>= 2.0.2, < 7.0)
    async (2.18.0)
      console (~> 1.26)
      fiber-annotation
      io-event (~> 1.6, >= 1.6.5)
    async-http (0.82.3)
      async (>= 2.10.2)
      async-pool (~> 0.9)
      io-endpoint (~> 0.14)
      io-stream (~> 0.6)
      metrics (~> 0.12)
      protocol-http (~> 0.37)
      protocol-http1 (>= 0.28.1)
      protocol-http2 (~> 0.19)
      traces (~> 0.10)
    async-http-faraday (0.19.0)
      async-http (~> 0.42)
      faraday
    async-pool (0.10.1)
      async (>= 1.25)
      traces
    base64 (0.2.0)
    benchmark (0.3.0)
    bigdecimal (3.1.8)
    concurrent-ruby (1.3.4)
    connection_pool (2.4.1)
    console (1.27.0)
      fiber-annotation
      fiber-local (~> 1.1)
      json
    drb (2.2.1)
    faraday (2.12.0)
      faraday-net_http (>= 2.0, < 3.4)
      json
      logger
    faraday-http-cache (2.5.1)
      faraday (>= 0.8)
    faraday-net_http (3.3.0)
      net-http
    fiber-annotation (0.2.0)
    fiber-local (1.1.0)
      fiber-storage
    fiber-storage (1.0.0)
    github_changelog_generator (1.16.4)
      activesupport
      async (>= 1.25.0)
      async-http-faraday
      faraday-http-cache
      multi_json
      octokit (~> 4.6)
      rainbow (>= 2.2.1)
      rake (>= 10.0)
    i18n (1.14.6)
      concurrent-ruby (~> 1.0)
    io-endpoint (0.14.0)
    io-event (1.7.3)
    io-stream (0.6.0)
    json (2.7.5)
    logger (1.6.1)
    metrics (0.12.0)
    minitest (5.25.1)
    multi_json (1.15.0)
    net-http (0.4.1)
      uri
    octokit (4.25.1)
      faraday (>= 1, < 3)
      sawyer (~> 0.9)
    protocol-hpack (1.5.1)
    protocol-http (0.42.0)
    protocol-http1 (0.28.1)
      protocol-http (~> 0.22)
    protocol-http2 (0.19.4)
      protocol-hpack (~> 1.4)
      protocol-http (~> 0.18)
      traces
    public_suffix (6.0.1)
    rainbow (3.1.1)
    rake (13.2.1)
    sawyer (0.9.2)
      addressable (>= 2.3.5)
      faraday (>= 0.17.3, < 3)
    securerandom (0.3.1)
    traces (0.13.1)
    tzinfo (2.0.6)
      concurrent-ruby (~> 1.0)
    uri (0.13.1)

PLATFORMS
  arm64-darwin-21
  x86_64-linux

DEPENDENCIES
  github_changelog_generator (= 1.16.4)!

BUNDLED WITH
   2.4.1
